GEM
  remote: https://rubygems.org/
  specs:
    addressable (2.3.6)
    atk (2.2.4)
      glib2 (= 2.2.4)
    cairo (1.14.1)
      pkg-config (>= 1.1.5)
    cairo-gobject (2.2.4)
      cairo
      glib2 (= 2.2.4)
    coderay (1.1.0)
    crack (0.4.2)
      safe_yaml (~> 1.0.0)
    diff-lcs (1.2.5)
    dotenv (2.0.0)
    evernote-thrift (1.25.1)
    gdk3 (2.2.4)
      cairo-gobject (= 2.2.4)
      gdk_pixbuf2 (= 2.2.4)
      gobject-introspection (= 2.2.4)
      pango (= 2.2.4)
    gdk_pixbuf2 (2.2.4)
      glib2 (= 2.2.4)
    gio2 (2.2.4)
      glib2 (= 2.2.4)
      gobject-introspection (= 2.2.4)
    glib2 (2.2.4)
      pkg-config
    gobject-introspection (2.2.4)
      glib2 (= 2.2.4)
    gtk2 (2.2.4)
      atk (= 2.2.4)
      gdk_pixbuf2 (= 2.2.4)
      pango (= 2.2.4)
    gtk3 (2.2.4)
      atk (= 2.2.4)
      gdk3 (= 2.2.4)
      gdk_pixbuf2 (= 2.2.4)
      gio2 (= 2.2.4)
      glib2 (= 2.2.4)
      pango (= 2.2.4)
    method_source (0.8.2)
    pango (2.2.4)
      cairo (>= 1.14.0)
      glib2 (= 2.2.4)
    pkg-config (1.1.6)
    pry (0.10.1)
      coderay (~> 1.1.0)
      method_source (~> 0.8.1)
      slop (~> 3.4)
    rspec (3.1.0)
      rspec-core (~> 3.1.0)
      rspec-expectations (~> 3.1.0)
      rspec-mocks (~> 3.1.0)
    rspec-core (3.1.7)
      rspec-support (~> 3.1.0)
    rspec-expectations (3.1.2)
      diff-lcs (>= 1.2.0, < 2.0)
      rspec-support (~> 3.1.0)
    rspec-mocks (3.1.3)
      rspec-support (~> 3.1.0)
    rspec-support (3.1.2)
    safe_yaml (1.0.4)
    slop (3.6.0)
    vcr (2.9.3)
    webkit-gtk (2.2.4)
      gobject-introspection (= 2.2.4)
      gtk3 (= 2.2.4)
    webmock (1.19.0)
      addressable (>= 2.3.6)
      crack (>= 0.3.2)

PLATFORMS
  ruby

DEPENDENCIES
  dotenv
  evernote-thrift
  gtk2
  pry
  rspec
  vcr
  webkit-gtk
  webmock
